GEM
  remote: https://rubygems.org/
  specs:
    slim (5.2.1)
      temple (~> 0.10.0)
      tilt (>= 2.1.0)
    temple (0.10.3)
    tilt (2.6.0)

PLATFORMS
  arm64-darwin-24
  ruby

DEPENDENCIES
  slim

RUBY VERSION
   ruby 3.3.6p108

BUNDLED WITH
   2.6.5
